GEM
  remote: https://rubygems.org/
  specs:
    curses (1.2.4)
    terminal-table (1.8.0)
      unicode-display_width (~> 1.1, >= 1.1.1)
    unicode-display_width (1.3.0)

PLATFORMS
  ruby

DEPENDENCIES
  curses (~> 1.2.4)
  terminal-table

BUNDLED WITH
   1.16.1
